STORAGE: NONE
RESTRICTION: || (== netcoreapp3.1) (== netstandard2.0)
NUGET
  remote: https://api.nuget.org/v3/index.json
    Aardium (1.0.30)
      FSharp.Core (>= 4.6.2)
    Aardvark.Application (5.0.6)
      Aardvark.Base.Essentials (>= 5.0.10 < 5.1)
      Aardvark.Base.Incremental (>= 5.0.10 < 5.1)
      Aardvark.Base.Rendering (5.0.6)
      FShade.Core (>= 5.0 < 5.1)
      FShade.GLSL (>= 5.0)
      FSharp.Core (>= 4.6.2)
    Aardvark.Application.OpenVR (5.0.6)
      Aardvark.Application (5.0.6)
      Aardvark.Base.Essentials (>= 5.0.10 < 5.1)
      Aardvark.Base.Incremental (>= 5.0.10 < 5.1)
      Aardvark.Base.Rendering (5.0.6)
      Aardvark.Rendering.Text (5.0.6)
      Aardvark.SceneGraph (5.0.6)
      FShade.Core (>= 5.0 < 5.1)
      FShade.GLSL (>= 5.0)
      FSharp.Core (>= 4.6.2)
      Unofficial.OpenVR (>= 1.1 < 1.2)
    Aardvark.Application.OpenVR.GL (5.0.6)
      Aardvark.Application (5.0.6)
      Aardvark.Application.OpenVR (5.0.6)
      Aardvark.Application.Slim (5.0.6)
      Aardvark.Application.Slim.GL (5.0.6)
      Aardvark.Base.Essentials (>= 5.0.10 < 5.1)
      Aardvark.Base.Incremental (>= 5.0.10 < 5.1)
      Aardvark.Base.Rendering (5.0.6)
      Aardvark.Base.Runtime (>= 5.0.10 < 5.1)
      Aardvark.Rendering.GL (5.0.6)
      Aardvark.SceneGraph (5.0.6)
      FShade.Core (>= 5.0 < 5.1)
      FShade.GLSL (>= 5.0)
      FSharp.Core (>= 4.6.2)
      Unofficial.OpenTK (>= 3.0.18 < 3.1)
      Unofficial.OpenVR (>= 1.1 < 1.2)
    Aardvark.Application.OpenVR.Vulkan (5.0.6)
      Aardvark.Application (5.0.6)
      Aardvark.Application.OpenVR (5.0.6)
      Aardvark.Base.Essentials (>= 5.0.10 < 5.1)
      Aardvark.Base.Incremental (>= 5.0.10 < 5.1)
      Aardvark.Base.Rendering (5.0.6)
      Aardvark.Base.Runtime (>= 5.0.10 < 5.1)
      Aardvark.Rendering.Vulkan (5.0.6)
      Aardvark.SceneGraph (5.0.6)
      FShade.Core (>= 5.0 < 5.1)
      FShade.GLSL (>= 5.0)
      FSharp.Core (>= 4.6.2)
      Unofficial.OpenVR (>= 1.1 < 1.2)
    Aardvark.Application.Slim (5.0.6)
      Aardvark.Application (5.0.6)
      Aardvark.Base.Essentials (>= 5.0.10 < 5.1)
      Aardvark.Base.Incremental (>= 5.0.10 < 5.1)
      Aardvark.Base.Rendering (5.0.6)
      Aardvark.Base.Runtime (>= 5.0.10 < 5.1)
      FShade (>= 5.0 < 5.1)
      FSharp.Core (>= 4.6.2)
      Unofficial.OpenTK (>= 3.0.18 < 3.1)
    Aardvark.Application.Slim.GL (5.0.6)
      Aardvark.Application (5.0.6)
      Aardvark.Base.Essentials (>= 5.0.10 < 5.1)
      Aardvark.Base.Incremental (>= 5.0.10 < 5.1)
      Aardvark.Base.Rendering (5.0.6)
      Aardvark.Base.Runtime (>= 5.0.10 < 5.1)
      Aardvark.Rendering.GL (5.0.6)
      FShade (>= 5.0 < 5.1)
      FSharp.Core (>= 4.6.2)
      Silk.NET.GLFW (>= 1.0.0-preview5 < 1.1.0-preview)
      Unofficial.OpenTK (>= 3.0.18 < 3.1)
    Aardvark.Application.Slim.Vulkan (5.0.6)
      Aardvark.Application (5.0.6)
      Aardvark.Application.Slim (5.0.6)
      Aardvark.Base.Essentials (>= 5.0.10 < 5.1)
      Aardvark.Base.Incremental (>= 5.0.10 < 5.1)
      Aardvark.Base.Rendering (5.0.6)
      Aardvark.Base.Runtime (>= 5.0.10 < 5.1)
      Aardvark.Rendering.Vulkan (5.0.6)
      FShade (>= 5.0 < 5.1)
      FSharp.Core (>= 4.6.2)
      GLSLangSharp (>= 0.4.6 < 0.5)
      Unofficial.OpenTK (>= 3.0.18 < 3.1)
    Aardvark.Application.Utilities (5.0.6)
      Aardvark.Application (5.0.6)
      Aardvark.Application.OpenVR (5.0.6)
      Aardvark.Application.OpenVR.GL (5.0.6)
      Aardvark.Application.OpenVR.Vulkan (5.0.6)
      Aardvark.Application.Slim (5.0.6)
      Aardvark.Application.Slim.GL (5.0.6)
      Aardvark.Application.Slim.Vulkan (5.0.6)
      Aardvark.Base.Essentials (>= 5.0.10 < 5.1)
      Aardvark.Base.Incremental (>= 5.0.10 < 5.1)
      Aardvark.Base.Rendering (5.0.6)
      Aardvark.Base.Runtime (>= 5.0.10 < 5.1)
      Aardvark.Rendering.GL (5.0.6)
      Aardvark.Rendering.Text (5.0.6)
      Aardvark.Rendering.Vulkan (5.0.6)
      Aardvark.SceneGraph (5.0.6)
      FShade.Core (>= 5.0 < 5.1)
      FShade.GLSL (>= 5.0)
      FSharp.Core (>= 4.6.2)
      Unofficial.OpenTK (>= 3.0.18 < 3.1)
      Unofficial.OpenVR (>= 1.1 < 1.2)
    Aardvark.Base (5.0.10)
      Aardvark.Base.Telemetry (5.0.10)
      DevILSharp (>= 0.2.9 < 0.3)
      System.Collections.Immutable (>= 1.7 < 2.0)
      System.Reflection.Metadata (>= 1.8 < 2.0) - restriction: || (&& (== netcoreapp3.1) (< netcoreapp3.0)) (== netstandard2.0)
    Aardvark.Base.Essentials (5.0.10)
      Aardvark.Base (5.0.10)
      DevILSharp (>= 0.2.9 < 0.3)
      System.Collections.Immutable (>= 1.7 < 1.8)
      System.Reactive (>= 4.1.5 < 4.2)
    Aardvark.Base.FSharp (5.0.10)
      Aardvark.Base (5.0.10)
      Aardvark.Base.TypeProviders (>= 4.5.15 < 4.6)
      DevILSharp (>= 0.2.9 < 0.3)
      FSharp.Core (>= 4.6.2)
      FSharp.Data.Adaptive (>= 0.0.16 < 0.1)
      FsPickler (>= 5.2.2 < 5.3)
      System.Dynamic.Runtime (>= 4.3 < 4.4)
    Aardvark.Base.Incremental (5.0.10)
      Aardvark.Base (5.0.10)
      Aardvark.Base.FSharp (5.0.10)
      Aardvark.Base.TypeProviders (>= 4.5.15 < 4.6)
      DevILSharp (>= 0.2.9 < 0.3)
      FSharp.Core (>= 4.6.2)
      FSharp.Data.Adaptive (>= 0.0.16 < 0.1)
      FsPickler (>= 5.2.2 < 5.3)
    Aardvark.Base.Rendering (5.0.6)
      Aardvark.Base.Essentials (>= 5.0.10 < 5.1)
      Aardvark.Base.Incremental (>= 5.0.10 < 5.1)
      FShade.Core (>= 5.0 < 5.1)
      FShade.GLSL (>= 5.0)
      FSharp.Core (>= 4.6.2)
    Aardvark.Base.Runtime (5.0.10)
      Aardvark.Base.FSharp (5.0.10)
      Aardvark.Base.Incremental (5.0.10)
      Aardvark.Base.TypeProviders (>= 4.5.15 < 4.6)
      DevILSharp (>= 0.2.9 < 0.3)
      FSharp.Core (>= 4.6.2)
      FSharp.Data.Adaptive (>= 0.0.16 < 0.1)
      FsPickler (>= 5.2.2 < 5.3)
    Aardvark.Base.Telemetry (5.0.10)
    Aardvark.Base.TypeProviders (4.5.15)
      FSharp.Core (>= 4.2.3)
    Aardvark.GPGPU (5.0.6)
      Aardvark.Base.Incremental (>= 5.0.10 < 5.1)
      Aardvark.Base.Rendering (5.0.6)
      FShade.Core (>= 5.0 < 5.1)
      FShade.GLSL (>= 5.0)
      FSharp.Core (>= 4.6.2)
    Aardvark.Physics.Sky (5.0.12)
      Aardvark.Base (>= 5.0.10 < 5.1)
    Aardvark.Rendering.GL (5.0.6)
      Aardvark.Base.Essentials (>= 5.0.10 < 5.1)
      Aardvark.Base.Incremental (>= 5.0.10 < 5.1)
      Aardvark.Base.Rendering (5.0.6)
      Aardvark.Base.Runtime (>= 5.0.10 < 5.1)
      FShade (>= 5.0 < 5.1)
      FSharp.Core (>= 4.6.2)
      Unofficial.OpenTK (>= 3.0.18 < 3.1)
    Aardvark.Rendering.Text (5.0.6)
      Aardvark.Base.Incremental (>= 5.0.10 < 5.1)
      Aardvark.Base.Rendering (5.0.6)
      Aardvark.SceneGraph (5.0.6)
      CommonMark.NET (>= 0.15.1 < 0.16)
      FShade.Core (>= 5.0 < 5.1)
      FShade.GLSL (>= 5.0)
      FSharp.Core (>= 4.6.2)
      Unofficial.LibTessDotNet (>= 2.0.2 < 2.1)
      Unofficial.Typography (>= 0.1 < 0.2)
    Aardvark.Rendering.Vulkan (5.0.6)
      Aardvark.Base.Incremental (>= 5.0.10 < 5.1)
      Aardvark.Base.Rendering (5.0.6)
      Aardvark.Base.Runtime (>= 5.0.10 < 5.1)
      FShade (>= 5.0 < 5.1)
      FSharp.Core (>= 4.6.2)
      GLSLangSharp (>= 0.4.6 < 0.5)
    Aardvark.SceneGraph (5.0.6)
      Aardvark.Base.Incremental (>= 5.0.10 < 5.1)
      Aardvark.Base.Rendering (5.0.6)
      FShade.Core (>= 5.0 < 5.1)
      FShade.GLSL (>= 5.0)
      FSharp.Core (>= 4.6.2)
    Aardvark.SceneGraph.IO (5.0.6)
      Aardvark.Base.Incremental (>= 5.0.10 < 5.1)
      Aardvark.Base.Rendering (5.0.6)
      Aardvark.SceneGraph (5.0.6)
      FShade.Core (>= 5.0 < 5.1)
      FShade.GLSL (>= 5.0)
      FSharp.Core (>= 4.6.2)
      Unofficial.AssimpNet (>= 4.0.5 < 4.1)
    Aardvark.Service (5.0.2)
      Aardvark.Application (>= 5.0)
      Aardvark.Base (>= 5.0.5 < 5.1)
      Aardvark.Base.FSharp (>= 5.0.5 < 5.1)
      Aardvark.Base.Rendering (>= 5.0 < 5.1)
      Aardvark.GPGPU (>= 5.0 < 5.1)
      Aardvark.Rendering.GL (>= 5.0)
      Aardvark.Rendering.Vulkan (>= 5.0 < 5.1)
      FSharp.Core (>= 4.6.2)
      FSharp.Data.Adaptive (>= 0.0.17 < 0.1)
      FsPickler (>= 5.2.2 < 5.3)
      FsPickler.Json (>= 5.2.2 < 5.3)
      Suave (>= 2.5.5 < 2.6)
    Aardvark.UI (5.0.2)
      Aardvark.Application (>= 5.0)
      Aardvark.Base (>= 5.0.5 < 5.1)
      Aardvark.Base.FSharp (>= 5.0.5 < 5.1)
      Aardvark.Base.Incremental (>= 5.0.5 < 5.1)
      Aardvark.Base.Rendering (>= 5.0 < 5.1)
      Aardvark.GPGPU (>= 5.0 < 5.1)
      Aardvark.Rendering.GL (>= 5.0)
      Aardvark.Rendering.Vulkan (>= 5.0 < 5.1)
      Aardvark.SceneGraph (>= 5.0 < 5.1)
      Aardvark.Service (5.0.2)
      FSharp.Core (>= 4.6.2)
      FSharp.Data.Adaptive (>= 0.0.17 < 0.1)
      FsPickler (>= 5.2.2 < 5.3)
      FsPickler.Json (>= 5.2.2 < 5.3)
      Suave (>= 2.5.5 < 2.6)
    Aardvark.UI.Primitives (5.0.2)
      Aardvark.Application (>= 5.0)
      Aardvark.Base (>= 5.0.5 < 5.1)
      Aardvark.Base.FSharp (>= 5.0.5 < 5.1)
      Aardvark.Base.Incremental (>= 5.0.5 < 5.1)
      Aardvark.Base.Rendering (>= 5.0 < 5.1)
      Aardvark.SceneGraph (>= 5.0 < 5.1)
      Aardvark.Service (5.0.2)
      Aardvark.UI (5.0.2)
      FSharp.Core (>= 4.6.2)
      FSharp.Data.Adaptive (>= 0.0.17 < 0.1)
      FsPickler (>= 5.2.2 < 5.3)
      FsPickler.Json (>= 5.2.2 < 5.3)
    Adaptify.Core (0.0.48)
      FSharp.Data.Adaptive (>= 0.0.25 < 0.1)
    Adaptify.MSBuild (0.0.48)
      Adaptify.Core (0.0.48)
    CommonMark.NET (0.15.1)
    DevILSharp (0.2.9)
      FSharp.Core (>= 4.6.2)
    FShade (5.0.3)
      FShade.Core (5.0.3)
      FShade.GLSL (5.0.3)
      FShade.Imperative (5.0.3)
      FShade.SpirV (5.0.3)
    FShade.Core (5.0.3)
      Aardvark.Base (>= 5.0.6 < 5.1)
      Aardvark.Base.FSharp (>= 5.0.6 < 5.1)
      FShade.Imperative (5.0.3)
      FSharp.Core (>= 4.6.2)
    FShade.GLSL (5.0.3)
      Aardvark.Base (>= 5.0.6 < 5.1)
      Aardvark.Base.FSharp (>= 5.0.6 < 5.1)
      FShade.Core (5.0.3)
      FShade.Imperative (5.0.3)
      FSharp.Core (>= 4.6.2)
    FShade.Imperative (5.0.3)
      Aardvark.Base (>= 5.0.6 < 5.1)
      Aardvark.Base.FSharp (>= 5.0.6 < 5.1)
      FSharp.Core (>= 4.6.2)
      FsPickler (>= 5.2.2 < 5.3)
    FShade.SpirV (5.0.3)
      Aardvark.Base (>= 5.0.6 < 5.1)
      Aardvark.Base.FSharp (>= 5.0.6 < 5.1)
      FShade.Core (5.0.3)
      FShade.Imperative (5.0.3)
      FSharp.Core (>= 4.6.2)
    FSharp.Core (4.6.2)
    FSharp.Data.Adaptive (0.0.25)
      FSharp.Core (>= 4.6.2)
      System.Reflection.Emit.Lightweight (>= 4.6)
    FsPickler (5.2.2)
      FSharp.Core (>= 4.3.2)
      System.Reflection.Emit.Lightweight (>= 4.3)
    FsPickler.Json (5.2.2)
      FSharp.Core (>= 4.3.2)
      Newtonsoft.Json (>= 10.0.1)
      SourceLink.Embed.PaketFiles
    GLSLangSharp (0.4.6)
      FSharp.Core (>= 4.6.2)
    Microsoft.Bcl.AsyncInterfaces (1.1.1) - restriction: || (&& (== netcoreapp3.1) (>= monoandroid)) (&& (== netcoreapp3.1) (>= monotouch)) (&& (== netcoreapp3.1) (>= net461)) (&& (== netcoreapp3.1) (< netcoreapp2.0)) (&& (== netcoreapp3.1) (< netcoreapp2.1)) (&& (== netcoreapp3.1) (< netcoreapp3.0)) (&& (== netcoreapp3.1) (>= uap10.1)) (&& (== netcoreapp3.1) (>= xamarinios)) (&& (== netcoreapp3.1) (>= xamarinmac)) (&& (== netcoreapp3.1) (>= xamarintvos)) (&& (== netcoreapp3.1) (>= xamarinwatchos)) (== netstandard2.0)
      System.Threading.Tasks.Extensions (>= 4.5.4)
    Microsoft.CSharp (4.7)
    Microsoft.DotNet.PlatformAbstractions (3.1.4)
    Microsoft.Extensions.DependencyModel (3.1.4)
      System.Text.Json (>= 4.7.2)
    Microsoft.NETCore.Platforms (3.1.1)
    Microsoft.NETCore.Targets (3.1)
    Newtonsoft.Json (12.0.3)
    Silk.NET.Core (1.2.1)
      Microsoft.CSharp (>= 4.7)
      System.Memory (>= 4.5.3)
      System.Numerics.Vectors (>= 4.5)
      System.Reflection.Emit (>= 4.7)
      System.Reflection.Emit.ILGeneration (>= 4.7)
      System.Runtime.CompilerServices.Unsafe (>= 4.7)
      Ultz.SuperInvoke (>= 1.0.4)
    Silk.NET.GLFW (1.0.1)
      Silk.NET.Core (>= 1.0.1)
      Ultz.Native.GLFW (>= 3.3.2)
    SourceLink.Embed.PaketFiles (2.8.3)
    Suave (2.5.6)
      FSharp.Core (>= 4.3.4)
    System.Buffers (4.5.1) - restriction: || (&& (== netcoreapp3.1) (>= monoandroid)) (&& (== netcoreapp3.1) (>= monotouch)) (&& (== netcoreapp3.1) (>= net461)) (&& (== netcoreapp3.1) (< netcoreapp2.0)) (&& (== netcoreapp3.1) (< netstandard1.1)) (&& (== netcoreapp3.1) (< netstandard2.0)) (&& (== netcoreapp3.1) (>= uap10.1)) (&& (== netcoreapp3.1) (>= xamarinios)) (&& (== netcoreapp3.1) (>= xamarinmac)) (&& (== netcoreapp3.1) (>= xamarintvos)) (&& (== netcoreapp3.1) (>= xamarinwatchos)) (== netstandard2.0)
    System.Collections (4.3)
      Microsoft.NETCore.Platforms (>= 1.1)
      Microsoft.NETCore.Targets (>= 1.1)
      System.Runtime (>= 4.3)
    System.Collections.Immutable (1.7.1)
      System.Memory (>= 4.5.4) - restriction: || (&& (== netcoreapp3.1) (>= net461)) (&& (== netcoreapp3.1) (< netcoreapp2.1)) (&& (== netcoreapp3.1) (< netstandard2.0)) (&& (== netcoreapp3.1) (>= uap10.1)) (== netstandard2.0)
    System.Diagnostics.Debug (4.3)
      Microsoft.NETCore.Platforms (>= 1.1)
      Microsoft.NETCore.Targets (>= 1.1)
      System.Runtime (>= 4.3)
    System.Dynamic.Runtime (4.3)
      System.Collections (>= 4.3)
      System.Diagnostics.Debug (>= 4.3)
      System.Linq (>= 4.3)
      System.Linq.Expressions (>= 4.3)
      System.ObjectModel (>= 4.3)
      System.Reflection (>= 4.3)
      System.Reflection.Emit (>= 4.3)
      System.Reflection.Emit.ILGeneration (>= 4.3)
      System.Reflection.Primitives (>= 4.3)
      System.Reflection.TypeExtensions (>= 4.3)
      System.Resources.ResourceManager (>= 4.3)
      System.Runtime (>= 4.3)
      System.Runtime.Extensions (>= 4.3)
      System.Threading (>= 4.3)
    System.Globalization (4.3)
      Microsoft.NETCore.Platforms (>= 1.1)
      Microsoft.NETCore.Targets (>= 1.1)
      System.Runtime (>= 4.3)
    System.IO (4.3)
      Microsoft.NETCore.Platforms (>= 1.1)
      Microsoft.NETCore.Targets (>= 1.1)
      System.Runtime (>= 4.3)
      System.Text.Encoding (>= 4.3)
      System.Threading.Tasks (>= 4.3)
    System.Linq (4.3)
      System.Collections (>= 4.3)
      System.Diagnostics.Debug (>= 4.3)
      System.Resources.ResourceManager (>= 4.3)
      System.Runtime (>= 4.3)
      System.Runtime.Extensions (>= 4.3)
    System.Linq.Expressions (4.3)
      System.Collections (>= 4.3)
      System.Diagnostics.Debug (>= 4.3)
      System.Globalization (>= 4.3)
      System.IO (>= 4.3)
      System.Linq (>= 4.3)
      System.ObjectModel (>= 4.3)
      System.Reflection (>= 4.3)
      System.Reflection.Emit (>= 4.3)
      System.Reflection.Emit.ILGeneration (>= 4.3)
      System.Reflection.Emit.Lightweight (>= 4.3)
      System.Reflection.Extensions (>= 4.3)
      System.Reflection.Primitives (>= 4.3)
      System.Reflection.TypeExtensions (>= 4.3)
      System.Resources.ResourceManager (>= 4.3)
      System.Runtime (>= 4.3)
      System.Runtime.Extensions (>= 4.3)
      System.Threading (>= 4.3)
    System.Memory (4.5.4)
      System.Buffers (>= 4.5.1) - restriction: || (&& (== netcoreapp3.1) (>= monoandroid)) (&& (== netcoreapp3.1) (>= monotouch)) (&& (== netcoreapp3.1) (>= net461)) (&& (== netcoreapp3.1) (< netcoreapp2.0)) (&& (== netcoreapp3.1) (< netstandard1.1)) (&& (== netcoreapp3.1) (< netstandard2.0)) (&& (== netcoreapp3.1) (>= xamarinios)) (&& (== netcoreapp3.1) (>= xamarinmac)) (&& (== netcoreapp3.1) (>= xamarintvos)) (&& (== netcoreapp3.1) (>= xamarinwatchos)) (== netstandard2.0)
      System.Numerics.Vectors (>= 4.4) - restriction: || (&& (== netcoreapp3.1) (< netcoreapp2.0)) (== netstandard2.0)
      System.Runtime.CompilerServices.Unsafe (>= 4.5.3) - restriction: || (&& (== netcoreapp3.1) (>= monoandroid)) (&& (== netcoreapp3.1) (>= monotouch)) (&& (== netcoreapp3.1) (>= net461)) (&& (== netcoreapp3.1) (< netcoreapp2.0)) (&& (== netcoreapp3.1) (< netcoreapp2.1)) (&& (== netcoreapp3.1) (< netstandard1.1)) (&& (== netcoreapp3.1) (< netstandard2.0)) (&& (== netcoreapp3.1) (>= uap10.1)) (&& (== netcoreapp3.1) (>= xamarinios)) (&& (== netcoreapp3.1) (>= xamarinmac)) (&& (== netcoreapp3.1) (>= xamarintvos)) (&& (== netcoreapp3.1) (>= xamarinwatchos)) (== netstandard2.0)
    System.Numerics.Vectors (4.5)
    System.ObjectModel (4.3)
      System.Collections (>= 4.3)
      System.Diagnostics.Debug (>= 4.3)
      System.Resources.ResourceManager (>= 4.3)
      System.Runtime (>= 4.3)
      System.Threading (>= 4.3)
    System.Reactive (4.1.6)
      System.Runtime.InteropServices.WindowsRuntime (>= 4.3)
      System.Threading.Tasks.Extensions (>= 4.5.2)
    System.Reflection (4.3)
      Microsoft.NETCore.Platforms (>= 1.1)
      Microsoft.NETCore.Targets (>= 1.1)
      System.IO (>= 4.3)
      System.Reflection.Primitives (>= 4.3)
      System.Runtime (>= 4.3)
    System.Reflection.Emit (4.7)
      System.Reflection.Emit.ILGeneration (>= 4.7) - restriction: || (&& (== netcoreapp3.1) (< netcoreapp2.0) (< netstandard2.1)) (&& (== netcoreapp3.1) (>= netcoreapp5.0)) (&& (== netcoreapp3.1) (< netstandard1.1)) (&& (== netcoreapp3.1) (< netstandard2.0)) (&& (== netcoreapp3.1) (>= uap10.1)) (== netstandard2.0)
    System.Reflection.Emit.ILGeneration (4.7)
    System.Reflection.Emit.Lightweight (4.7)
      System.Reflection.Emit.ILGeneration (>= 4.7) - restriction: || (&& (== netcoreapp3.1) (< netcoreapp2.0) (< netstandard2.1)) (&& (== netcoreapp3.1) (>= netcoreapp5.0)) (&& (== netcoreapp3.1) (< netstandard2.0)) (&& (== netcoreapp3.1) (< portable-net45+wp8)) (&& (== netcoreapp3.1) (>= uap10.1)) (== netstandard2.0)
    System.Reflection.Extensions (4.3)
      Microsoft.NETCore.Platforms (>= 1.1)
      Microsoft.NETCore.Targets (>= 1.1)
      System.Reflection (>= 4.3)
      System.Runtime (>= 4.3)
    System.Reflection.Metadata (1.8.1) - restriction: || (&& (== netcoreapp3.1) (< netcoreapp3.0)) (== netstandard2.0)
      System.Collections.Immutable (>= 1.7.1) - restriction: || (&& (== netcoreapp3.1) (>= net461)) (&& (== netcoreapp3.1) (< netstandard1.1)) (&& (== netcoreapp3.1) (< netstandard2.0)) (== netstandard2.0)
    System.Reflection.Primitives (4.3)
      Microsoft.NETCore.Platforms (>= 1.1)
      Microsoft.NETCore.Targets (>= 1.1)
      System.Runtime (>= 4.3)
    System.Reflection.TypeExtensions (4.7)
    System.Resources.ResourceManager (4.3)
      Microsoft.NETCore.Platforms (>= 1.1)
      Microsoft.NETCore.Targets (>= 1.1)
      System.Globalization (>= 4.3)
      System.Reflection (>= 4.3)
      System.Runtime (>= 4.3)
    System.Runtime (4.3.1)
      Microsoft.NETCore.Platforms (>= 1.1.1)
      Microsoft.NETCore.Targets (>= 1.1.3)
    System.Runtime.CompilerServices.Unsafe (4.7.1)
    System.Runtime.Extensions (4.3.1)
      Microsoft.NETCore.Platforms (>= 1.1.1)
      Microsoft.NETCore.Targets (>= 1.1.3)
      System.Runtime (>= 4.3.1)
    System.Runtime.InteropServices.WindowsRuntime (4.3)
      System.Runtime (>= 4.3)
    System.Text.Encoding (4.3)
      Microsoft.NETCore.Platforms (>= 1.1)
      Microsoft.NETCore.Targets (>= 1.1)
      System.Runtime (>= 4.3)
    System.Text.Encodings.Web (4.7.1) - restriction: || (&& (== netcoreapp3.1) (>= monoandroid)) (&& (== netcoreapp3.1) (>= monotouch)) (&& (== netcoreapp3.1) (>= net461)) (&& (== netcoreapp3.1) (< netcoreapp2.0)) (&& (== netcoreapp3.1) (< netcoreapp2.1)) (&& (== netcoreapp3.1) (< netcoreapp3.0)) (&& (== netcoreapp3.1) (>= uap10.1)) (&& (== netcoreapp3.1) (>= xamarinios)) (&& (== netcoreapp3.1) (>= xamarinmac)) (&& (== netcoreapp3.1) (>= xamarintvos)) (&& (== netcoreapp3.1) (>= xamarinwatchos)) (== netstandard2.0)
      System.Memory (>= 4.5.4) - restriction: || (&& (== netcoreapp3.1) (>= net461)) (&& (== netcoreapp3.1) (< netcoreapp2.1) (< netstandard2.1)) (&& (== netcoreapp3.1) (>= uap10.1)) (== netstandard2.0)
    System.Text.Json (4.7.2)
      Microsoft.Bcl.AsyncInterfaces (>= 1.1) - restriction: || (&& (== netcoreapp3.1) (>= monoandroid)) (&& (== netcoreapp3.1) (>= monotouch)) (&& (== netcoreapp3.1) (>= net461)) (&& (== netcoreapp3.1) (< netcoreapp2.0)) (&& (== netcoreapp3.1) (< netcoreapp2.1)) (&& (== netcoreapp3.1) (< netcoreapp3.0)) (&& (== netcoreapp3.1) (>= uap10.1)) (&& (== netcoreapp3.1) (>= xamarinios)) (&& (== netcoreapp3.1) (>= xamarinmac)) (&& (== netcoreapp3.1) (>= xamarintvos)) (&& (== netcoreapp3.1) (>= xamarinwatchos)) (== netstandard2.0)
      System.Buffers (>= 4.5.1) - restriction: || (&& (== netcoreapp3.1) (>= monoandroid)) (&& (== netcoreapp3.1) (>= monotouch)) (&& (== netcoreapp3.1) (>= net461)) (&& (== netcoreapp3.1) (< netcoreapp2.0)) (&& (== netcoreapp3.1) (>= xamarinios)) (&& (== netcoreapp3.1) (>= xamarinmac)) (&& (== netcoreapp3.1) (>= xamarintvos)) (&& (== netcoreapp3.1) (>= xamarinwatchos)) (== netstandard2.0)
      System.Memory (>= 4.5.4) - restriction: || (&& (== netcoreapp3.1) (>= net461)) (&& (== netcoreapp3.1) (< netcoreapp2.0)) (&& (== netcoreapp3.1) (< netcoreapp2.1)) (&& (== netcoreapp3.1) (>= uap10.1)) (== netstandard2.0)
      System.Numerics.Vectors (>= 4.5) - restriction: || (&& (== netcoreapp3.1) (>= net461)) (&& (== netcoreapp3.1) (< netcoreapp2.0)) (== netstandard2.0)
      System.Runtime.CompilerServices.Unsafe (>= 4.7.1) - restriction: || (&& (== netcoreapp3.1) (>= monoandroid)) (&& (== netcoreapp3.1) (>= monotouch)) (&& (== netcoreapp3.1) (>= net461)) (&& (== netcoreapp3.1) (< netcoreapp2.0)) (&& (== netcoreapp3.1) (< netcoreapp2.1)) (&& (== netcoreapp3.1) (< netcoreapp3.0)) (&& (== netcoreapp3.1) (>= uap10.1)) (&& (== netcoreapp3.1) (>= xamarinios)) (&& (== netcoreapp3.1) (>= xamarinmac)) (&& (== netcoreapp3.1) (>= xamarintvos)) (&& (== netcoreapp3.1) (>= xamarinwatchos)) (== netstandard2.0)
      System.Text.Encodings.Web (>= 4.7.1) - restriction: || (&& (== netcoreapp3.1) (>= monoandroid)) (&& (== netcoreapp3.1) (>= monotouch)) (&& (== netcoreapp3.1) (>= net461)) (&& (== netcoreapp3.1) (< netcoreapp2.0)) (&& (== netcoreapp3.1) (< netcoreapp2.1)) (&& (== netcoreapp3.1) (< netcoreapp3.0)) (&& (== netcoreapp3.1) (>= uap10.1)) (&& (== netcoreapp3.1) (>= xamarinios)) (&& (== netcoreapp3.1) (>= xamarinmac)) (&& (== netcoreapp3.1) (>= xamarintvos)) (&& (== netcoreapp3.1) (>= xamarinwatchos)) (== netstandard2.0)
      System.Threading.Tasks.Extensions (>= 4.5.4) - restriction: || (&& (== netcoreapp3.1) (>= net461)) (&& (== netcoreapp3.1) (< netcoreapp2.0)) (&& (== netcoreapp3.1) (< netcoreapp2.1)) (&& (== netcoreapp3.1) (>= uap10.1)) (== netstandard2.0)
    System.Threading (4.3)
      System.Runtime (>= 4.3)
      System.Threading.Tasks (>= 4.3)
    System.Threading.Tasks (4.3)
      Microsoft.NETCore.Platforms (>= 1.1)
      Microsoft.NETCore.Targets (>= 1.1)
      System.Runtime (>= 4.3)
    System.Threading.Tasks.Extensions (4.5.4)
      System.Runtime.CompilerServices.Unsafe (>= 4.5.3) - restriction: || (&& (== netcoreapp3.1) (>= net461)) (&& (== netcoreapp3.1) (< netcoreapp2.1)) (&& (== netcoreapp3.1) (< netstandard1.0)) (&& (== netcoreapp3.1) (< netstandard2.0)) (&& (== netcoreapp3.1) (>= wp8)) (== netstandard2.0)
    Ultz.Native.GLFW (3.3.2)
    Ultz.SuperInvoke (1.0.4)
      System.Memory (>= 4.5.3)
      System.Reflection.Emit (>= 4.7)
      Ultz.SuperInvoke.Loader (>= 1.0.4)
    Ultz.SuperInvoke.Loader (1.0.4)
      Microsoft.DotNet.PlatformAbstractions (>= 3.1.1)
      Microsoft.Extensions.DependencyModel (>= 3.1.1)
    Unofficial.AssimpNet (4.0.9)
    Unofficial.LibTessDotNet (2.0.2)
    Unofficial.OpenTK (3.0.18)
    Unofficial.OpenVR (1.1)
    Unofficial.Typography (0.1)
      System.Numerics.Vectors (>= 4.5)
