STORAGE: NONE
RESTRICTION: == netcoreapp3.1
NUGET
  remote: https://api.nuget.org/v3/index.json
    Aardvark.Application (5.0.6)
      Aardvark.Base.Essentials (>= 5.0.10 < 5.1)
      Aardvark.Base.Incremental (>= 5.0.10 < 5.1)
      Aardvark.Base.Rendering (5.0.6)
      FShade.Core (>= 5.0 < 5.1)
      FShade.GLSL (>= 5.0)
      FSharp.Core (>= 4.6.2)
    Aardvark.Application.Slim.GL (5.0.6)
      Aardvark.Application (5.0.6)
      Aardvark.Base.Essentials (>= 5.0.10 < 5.1)
      Aardvark.Base.Incremental (>= 5.0.10 < 5.1)
      Aardvark.Base.Rendering (5.0.6)
      Aardvark.Base.Runtime (>= 5.0.10 < 5.1)
      Aardvark.Rendering.GL (5.0.6)
      FShade (>= 5.0 < 5.1)
      FSharp.Core (>= 4.6.2)
      Silk.NET.GLFW (>= 1.0.0-preview5 < 1.1.0-preview)
      Unofficial.OpenTK (>= 3.0.18 < 3.1)
    Aardvark.Base (5.0.10)
      Aardvark.Base.Telemetry (5.0.10)
      DevILSharp (>= 0.2.9 < 0.3)
      System.Collections.Immutable (>= 1.7 < 2.0)
    Aardvark.Base.Essentials (5.0.10)
      Aardvark.Base (5.0.10)
      DevILSharp (>= 0.2.9 < 0.3)
      System.Collections.Immutable (>= 1.7 < 1.8)
      System.Reactive (>= 4.1.5 < 4.2)
    Aardvark.Base.FSharp (5.0.10)
      Aardvark.Base (5.0.10)
      Aardvark.Base.TypeProviders (>= 4.5.15 < 4.6)
      DevILSharp (>= 0.2.9 < 0.3)
      FSharp.Core (>= 4.6.2)
      FSharp.Data.Adaptive (>= 0.0.16 < 0.1)
      FsPickler (>= 5.2.2 < 5.3)
      System.Dynamic.Runtime (>= 4.3 < 4.4)
    Aardvark.Base.Incremental (5.0.10)
      Aardvark.Base (5.0.10)
      Aardvark.Base.FSharp (5.0.10)
      Aardvark.Base.TypeProviders (>= 4.5.15 < 4.6)
      DevILSharp (>= 0.2.9 < 0.3)
      FSharp.Core (>= 4.6.2)
      FSharp.Data.Adaptive (>= 0.0.16 < 0.1)
      FsPickler (>= 5.2.2 < 5.3)
    Aardvark.Base.Rendering (5.0.6)
      Aardvark.Base.Essentials (>= 5.0.10 < 5.1)
      Aardvark.Base.Incremental (>= 5.0.10 < 5.1)
      FShade.Core (>= 5.0 < 5.1)
      FShade.GLSL (>= 5.0)
      FSharp.Core (>= 4.6.2)
    Aardvark.Base.Runtime (5.0.10)
      Aardvark.Base.FSharp (5.0.10)
      Aardvark.Base.Incremental (5.0.10)
      Aardvark.Base.TypeProviders (>= 4.5.15 < 4.6)
      DevILSharp (>= 0.2.9 < 0.3)
      FSharp.Core (>= 4.6.2)
      FSharp.Data.Adaptive (>= 0.0.16 < 0.1)
      FsPickler (>= 5.2.2 < 5.3)
    Aardvark.Base.Telemetry (5.0.10)
    Aardvark.Base.TypeProviders (4.5.15)
      FSharp.Core (>= 4.2.3)
    Aardvark.Rendering.GL (5.0.6)
      Aardvark.Base.Essentials (>= 5.0.10 < 5.1)
      Aardvark.Base.Incremental (>= 5.0.10 < 5.1)
      Aardvark.Base.Rendering (5.0.6)
      Aardvark.Base.Runtime (>= 5.0.10 < 5.1)
      FShade (>= 5.0 < 5.1)
      FSharp.Core (>= 4.6.2)
      Unofficial.OpenTK (>= 3.0.18 < 3.1)
    Aardvark.SceneGraph (5.0.6)
      Aardvark.Base.Incremental (>= 5.0.10 < 5.1)
      Aardvark.Base.Rendering (5.0.6)
      FShade.Core (>= 5.0 < 5.1)
      FShade.GLSL (>= 5.0)
      FSharp.Core (>= 4.6.2)
    Aardvark.SceneGraph.IO (5.0.6)
      Aardvark.Base.Incremental (>= 5.0.10 < 5.1)
      Aardvark.Base.Rendering (5.0.6)
      Aardvark.SceneGraph (5.0.6)
      FShade.Core (>= 5.0 < 5.1)
      FShade.GLSL (>= 5.0)
      FSharp.Core (>= 4.6.2)
      Unofficial.AssimpNet (>= 4.0.5 < 4.1)
    DevILSharp (0.2.9)
      FSharp.Core (>= 4.6.2)
    FShade (5.0.2)
      FShade.Core (5.0.2)
      FShade.GLSL (5.0.2)
      FShade.Imperative (5.0.2)
      FShade.SpirV (5.0.2)
    FShade.Core (5.0.2)
      Aardvark.Base (>= 5.0.5 < 5.1)
      Aardvark.Base.FSharp (>= 5.0.5 < 5.1)
      FShade.Imperative (5.0.2)
      FSharp.Core (>= 4.6.2)
    FShade.GLSL (5.0.2)
      Aardvark.Base (>= 5.0.5 < 5.1)
      Aardvark.Base.FSharp (>= 5.0.5 < 5.1)
      FShade.Core (5.0.2)
      FShade.Imperative (5.0.2)
      FSharp.Core (>= 4.6.2)
    FShade.Imperative (5.0.2)
      Aardvark.Base (>= 5.0.5 < 5.1)
      Aardvark.Base.FSharp (>= 5.0.5 < 5.1)
      FSharp.Core (>= 4.6.2)
      FsPickler (>= 5.2.2 < 5.3)
    FShade.SpirV (5.0.2)
      Aardvark.Base (>= 5.0.5 < 5.1)
      Aardvark.Base.FSharp (>= 5.0.5 < 5.1)
      FShade.Core (5.0.2)
      FShade.Imperative (5.0.2)
      FSharp.Core (>= 4.6.2)
    FSharp.Core (4.7.1)
    FSharp.Data.Adaptive (0.0.25)
      FSharp.Core (>= 4.6.2)
      System.Reflection.Emit.Lightweight (>= 4.6)
    FsPickler (5.2.2)
      FSharp.Core (>= 4.3.2)
      System.Reflection.Emit.Lightweight (>= 4.3)
    Microsoft.CSharp (4.7)
    microsoft.dotnet.platformabstractions (3.1.4)
    Microsoft.Extensions.DependencyModel (3.1.4)
      System.Text.Json (>= 4.7.2)
    Microsoft.NETCore.Platforms (3.1.1)
    Microsoft.NETCore.Targets (3.1)
    Silk.NET.Core (1.2)
      Microsoft.CSharp (>= 4.7)
      System.Memory (>= 4.5.3)
      System.Numerics.Vectors (>= 4.5)
      System.Reflection.Emit (>= 4.7)
      System.Reflection.Emit.ILGeneration (>= 4.7)
      System.Runtime.CompilerServices.Unsafe (>= 4.7)
      Ultz.SuperInvoke (>= 1.0.4)
    Silk.NET.GLFW (1.0.1)
      Silk.NET.Core (>= 1.0.1)
      Ultz.Native.GLFW (>= 3.3.2)
    System.Collections (4.3)
      Microsoft.NETCore.Platforms (>= 1.1)
      Microsoft.NETCore.Targets (>= 1.1)
      System.Runtime (>= 4.3)
    System.Collections.Immutable (1.7.1)
    System.Diagnostics.Debug (4.3)
      Microsoft.NETCore.Platforms (>= 1.1)
      Microsoft.NETCore.Targets (>= 1.1)
      System.Runtime (>= 4.3)
    System.Dynamic.Runtime (4.3)
      System.Collections (>= 4.3)
      System.Diagnostics.Debug (>= 4.3)
      System.Linq (>= 4.3)
      System.Linq.Expressions (>= 4.3)
      System.ObjectModel (>= 4.3)
      System.Reflection (>= 4.3)
      System.Reflection.Emit (>= 4.3)
      System.Reflection.Emit.ILGeneration (>= 4.3)
      System.Reflection.Primitives (>= 4.3)
      System.Reflection.TypeExtensions (>= 4.3)
      System.Resources.ResourceManager (>= 4.3)
      System.Runtime (>= 4.3)
      System.Runtime.Extensions (>= 4.3)
      System.Threading (>= 4.3)
    System.Globalization (4.3)
      Microsoft.NETCore.Platforms (>= 1.1)
      Microsoft.NETCore.Targets (>= 1.1)
      System.Runtime (>= 4.3)
    System.IO (4.3)
      Microsoft.NETCore.Platforms (>= 1.1)
      Microsoft.NETCore.Targets (>= 1.1)
      System.Runtime (>= 4.3)
      System.Text.Encoding (>= 4.3)
      System.Threading.Tasks (>= 4.3)
    System.Linq (4.3)
      System.Collections (>= 4.3)
      System.Diagnostics.Debug (>= 4.3)
      System.Resources.ResourceManager (>= 4.3)
      System.Runtime (>= 4.3)
      System.Runtime.Extensions (>= 4.3)
    System.Linq.Expressions (4.3)
      System.Collections (>= 4.3)
      System.Diagnostics.Debug (>= 4.3)
      System.Globalization (>= 4.3)
      System.IO (>= 4.3)
      System.Linq (>= 4.3)
      System.ObjectModel (>= 4.3)
      System.Reflection (>= 4.3)
      System.Reflection.Emit (>= 4.3)
      System.Reflection.Emit.ILGeneration (>= 4.3)
      System.Reflection.Emit.Lightweight (>= 4.3)
      System.Reflection.Extensions (>= 4.3)
      System.Reflection.Primitives (>= 4.3)
      System.Reflection.TypeExtensions (>= 4.3)
      System.Resources.ResourceManager (>= 4.3)
      System.Runtime (>= 4.3)
      System.Runtime.Extensions (>= 4.3)
      System.Threading (>= 4.3)
    System.Memory (4.5.4)
    System.Numerics.Vectors (4.5)
    System.ObjectModel (4.3)
      System.Collections (>= 4.3)
      System.Diagnostics.Debug (>= 4.3)
      System.Resources.ResourceManager (>= 4.3)
      System.Runtime (>= 4.3)
      System.Threading (>= 4.3)
    System.Reactive (4.1.6)
      System.Runtime.InteropServices.WindowsRuntime (>= 4.3)
      System.Threading.Tasks.Extensions (>= 4.5.2)
    System.Reflection (4.3)
      Microsoft.NETCore.Platforms (>= 1.1)
      Microsoft.NETCore.Targets (>= 1.1)
      System.IO (>= 4.3)
      System.Reflection.Primitives (>= 4.3)
      System.Runtime (>= 4.3)
    System.Reflection.Emit (4.7)
    System.Reflection.Emit.ILGeneration (4.7)
    System.Reflection.Emit.Lightweight (4.7)
    System.Reflection.Extensions (4.3)
      Microsoft.NETCore.Platforms (>= 1.1)
      Microsoft.NETCore.Targets (>= 1.1)
      System.Reflection (>= 4.3)
      System.Runtime (>= 4.3)
    System.Reflection.Primitives (4.3)
      Microsoft.NETCore.Platforms (>= 1.1)
      Microsoft.NETCore.Targets (>= 1.1)
      System.Runtime (>= 4.3)
    System.Reflection.TypeExtensions (4.7)
    System.Resources.ResourceManager (4.3)
      Microsoft.NETCore.Platforms (>= 1.1)
      Microsoft.NETCore.Targets (>= 1.1)
      System.Globalization (>= 4.3)
      System.Reflection (>= 4.3)
      System.Runtime (>= 4.3)
    System.Runtime (4.3.1)
      Microsoft.NETCore.Platforms (>= 1.1.1)
      Microsoft.NETCore.Targets (>= 1.1.3)
    System.Runtime.CompilerServices.Unsafe (4.7.1)
    System.Runtime.Extensions (4.3.1)
      Microsoft.NETCore.Platforms (>= 1.1.1)
      Microsoft.NETCore.Targets (>= 1.1.3)
      System.Runtime (>= 4.3.1)
    System.Runtime.InteropServices.WindowsRuntime (4.3)
      System.Runtime (>= 4.3)
    System.Text.Encoding (4.3)
      Microsoft.NETCore.Platforms (>= 1.1)
      Microsoft.NETCore.Targets (>= 1.1)
      System.Runtime (>= 4.3)
    System.Text.Json (4.7.2)
    System.Threading (4.3)
      System.Runtime (>= 4.3)
      System.Threading.Tasks (>= 4.3)
    System.Threading.Tasks (4.3)
      Microsoft.NETCore.Platforms (>= 1.1)
      Microsoft.NETCore.Targets (>= 1.1)
      System.Runtime (>= 4.3)
    System.Threading.Tasks.Extensions (4.5.4)
    Ultz.Native.GLFW (3.3.2)
    Ultz.SuperInvoke (1.0.4)
      System.Memory (>= 4.5.3)
      System.Reflection.Emit (>= 4.7)
      Ultz.SuperInvoke.Loader (>= 1.0.4)
    Ultz.SuperInvoke.Loader (1.0.4)
      microsoft.dotnet.platformabstractions (>= 3.1.1)
      Microsoft.Extensions.DependencyModel (>= 3.1.1)
    Unofficial.AssimpNet (4.0.9)
    Unofficial.OpenTK (3.0.18)
